GEM
  remote: https://rubygems.org/
  specs:
    byebug (11.1.1)
    dotenv (2.7.5)
    rake (13.0.1)

PLATFORMS
  ruby

DEPENDENCIES
  byebug (~> 11.1)
  dotenv (~> 2.7)
  rake (~> 13.0)

BUNDLED WITH
   2.1.4
